PATH
  remote: .
  specs:
    nil-if-zero (1.0.0)

GEM
  remote: https://rubygems.org/
  specs:
    power_assert (1.0.1)
    rake (12.0.0)
    test-unit (3.2.3)
      power_assert

PLATFORMS
  ruby

DEPENDENCIES
  nil-if-zero!
  rake (~> 12.0)
  test-unit (~> 3.2)

BUNDLED WITH
   1.14.3
